GEM
  remote: https://rubygems.org/
  specs:
    minitest (5.9.0)
    pg (0.18.4)
    postgresql (1.0.0)
      pg
    rack (1.6.4)
    rack-protection (1.5.3)
      rack
    rack-test (0.6.3)
      rack (>= 1.0)
    racksh (1.0.0)
      rack (>= 1.0)
      rack-test (>= 0.5)
    rake (10.5.0)
    sequel (4.34.0)
    sinatra (1.4.7)
      rack (~> 1.5)
      rack-protection (~> 1.4)
      tilt (>= 1.3, < 3)
    tilt (2.0.4)

PLATFORMS
  ruby

DEPENDENCIES
  minitest (~> 5.2)
  postgresql
  rack-test (~> 0.6)
  racksh (~> 1.0.0)
  rake (~> 10.0)
  sequel
  sinatra (~> 1.4)

BUNDLED WITH
   1.11.2
